GIT
  remote: git://github.com/thoughtbot/paperclip.git
  revision: 1738ea1dcaf65860c53088cc62ad7f0887e629ca
  specs:
    paperclip (2.3.8)
      activerecord
      activesupport

GEM
  remote: http://rubygems.org/
  specs:
    RedCloth (4.2.9)
    abstract (1.0.0)
    actionmailer (3.0.20)
      actionpack (= 3.0.20)
      mail (~> 2.2.19)
    actionpack (3.0.20)
      activemodel (= 3.0.20)
      activesupport (= 3.0.20)
      builder (~> 2.1.2)
      erubis (~> 2.6.6)
      i18n (~> 0.5.0)
      rack (~> 1.2.5)
      rack-mount (~> 0.6.14)
      rack-test (~> 0.5.7)
      tzinfo (~> 0.3.23)
    activemodel (3.0.20)
      activesupport (= 3.0.20)
      builder (~> 2.1.2)
      i18n (~> 0.5.0)
    activerecord (3.0.20)
      activemodel (= 3.0.20)
      activesupport (= 3.0.20)
      arel (~> 2.0.10)
      tzinfo (~> 0.3.23)
    activeresource (3.0.20)
      activemodel (= 3.0.20)
      activesupport (= 3.0.20)
    activesupport (3.0.20)
    acts-as-taggable-on (2.0.6)
    acts_as_indexed (0.7.2)
    arel (2.0.10)
    aws-s3 (0.6.2)
      builder
      mime-types
      xml-simple
    babosa (0.3.2)
    bcrypt-ruby (3.0.1)
    builder (2.1.2)
    compass (0.10.6)
      haml (>= 3.0.4)
    dalli (1.1.3)
    erubis (2.6.6)
      abstract (>= 1.0.0)
    faraday (0.8.7)
      multipart-post (~> 1.1)
    fastercsv (1.5.4)
    friendly_id (3.2.1.1)
      babosa (~> 0.3.0)
    haml (3.1.2)
    hpricot (0.8.4)
    i18n (0.5.4)
    json (1.8.1)
    kgio (2.9.3)
    mail (2.2.20)
      activesupport (>= 2.3.6)
      i18n (>= 0.4.0)
      mime-types (~> 1.16)
      treetop (~> 1.4.8)
    memcachier (0.0.2)
    mime-types (1.25.1)
    multi_json (1.7.7)
    multipart-post (1.2.0)
    newrelic_rpm (3.7.1.182)
    pg (0.18.1)
    polyglot (0.3.5)
    rack (1.2.8)
    rack-mount (0.6.14)
      rack (>= 1.0.0)
    rack-test (0.5.7)
      rack (>= 1.0)
    rails (3.0.20)
      actionmailer (= 3.0.20)
      actionpack (= 3.0.20)
      activerecord (= 3.0.20)
      activeresource (= 3.0.20)
      activesupport (= 3.0.20)
      bundler (~> 1.0)
      railties (= 3.0.20)
    railties (3.0.20)
      actionpack (= 3.0.20)
      activesupport (= 3.0.20)
      rake (>= 0.8.7)
      rdoc (~> 3.4)
      thor (~> 0.14.4)
    raindrops (0.13.0)
    rake (10.4.2)
    rdoc (3.12.2)
      json (~> 1.4)
    render_inheritable (1.0.0)
      rails (~> 3.0)
    ruby_parser (2.0.6)
      sexp_processor (~> 3.0)
    sass (3.1.5)
    scrobbler (0.2.3)
      activesupport (>= 1.4.2)
      hpricot (>= 0.4.86)
    sexp_processor (3.0.5)
    simple_oauth (0.2.0)
    thor (0.14.6)
    treetop (1.4.15)
      polyglot (>= 0.3.1)
    twitter (4.8.1)
      faraday (~> 0.8, < 0.10)
      multi_json (~> 1.0)
      simple_oauth (~> 0.2)
    typus (3.0.12)
      bcrypt-ruby
      fastercsv (~> 1.5)
      rails (~> 3.0.9)
      render_inheritable
      will_paginate (~> 3.0.0)
    tzinfo (0.3.42)
    unicorn (4.8.3)
      kgio (~> 2.6)
      rack
      raindrops (~> 0.7)
    will_paginate (3.0.2)
    xml-simple (1.0.15)

PLATFORMS
  ruby

DEPENDENCIES
  RedCloth
  acts-as-taggable-on
  acts_as_indexed
  aws-s3
  compass
  dalli
  friendly_id (~> 3.2.1)
  haml (~> 3.1.2)
  hpricot
  memcachier
  newrelic_rpm
  paperclip!
  pg
  rails (~> 3.0.20)
  ruby_parser
  sass
  scrobbler
  twitter (~> 4.8.0)
  typus
  unicorn (~> 4.8.3)
